GIT
  remote: https://github.com/fiedl/acts-as-dag
  revision: 5e185dddff6563ee9ee92611555cd9d9a519d280
  branch: sf/rails-5
  specs:
    acts-as-dag (4.0.0)
      activemodel
      activerecord (>= 4.0.0)

GIT
  remote: https://github.com/refile/refile-mini_magick
  revision: 27b6c6c7affcc302a59068b8b3f458cb147c2fa6
  specs:
    refile-mini_magick (0.2.0)
      image_processing (>= 0.4.1, < 1.0)
      mini_magick (>= 4.3.5)
      refile (~> 0.5)

GIT
  remote: https://github.com/sobrinho/refile
  revision: bb0abb0213a40bbec962ab9c0cb3e0cd7092fa9a
  specs:
    refile (0.6.2)
      mime-types
      rest-client (~> 1.8)
      sinatra (>= 2.0.0, <= 3.0.0)

PATH
  remote: ../..
  specs:
    your_platform (1.0.1)
      actionpack (>= 4.2.5.2)
      activerecord (>= 4.2.7.1)
      acts-as-dag (>= 4.0)
      acts-as-taggable-on (~> 4.0)
      acts_as_tree
      apipie-rails (~> 0.5)
      auto_html (~> 1.6.4)
      autosize-rails
      bcrypt (>= 3.0.1)
      best_in_place (>= 2.1.0)
      biggs
      bootstrap-sass
      bootstrap_tokenfield_rails
      bundler (>= 1.9.4)
      cancancan (~> 1.15.0)
      carrierwave (~> 0.11)
      chartkick
      coffee-rails (>= 4.1.0)
      decent_exposure (~> 3.0)
      devise (>= 3.5.4)
      devise_masquerade
      discourse_api
      edit_mode (>= 1.0.3)
      elasticsearch-model
      eventmachine (>= 1.0.7)
      excelinator
      exception_notification
      execjs (>= 2.5.2)
      faker
      font-awesome-rails (>= 4.7)
      foreman
      formtastic
      gemoji (>= 2.1.0)
      gender_detector
      geocoder
      gravatar_image_tag
      groupdate
      haml (~> 4.0)
      has_secure_token
      i18n-js (>= 3.0.0.rc8)
      icalendar
      jquery-atwho-rails (>= 1.1.0)
      jquery-fileupload-rails
      jquery-rails
      jquery-turbolinks
      judge
      mail (~> 2.6.6.rc1)
      mail_form
      merit
      mini_magick
      nokogiri (>= 1.7.2)
      omniauth-facebook (~> 3.0.0)
      omniauth-github
      omniauth-google-oauth2
      omniauth-twitter
      passgen
      phony
      prawn (= 2.0.2)
      public_activity (~> 1.4.1)
      rack (>= 1.6.2)
      rack-mini-profiler
      rack-ssl (>= 1.3.4)
      rails (~> 5.0.0)
      rails-assets-bootstrap-social
      rails-assets-imagesloaded
      rails-assets-inline-attachment
      rails-assets-jquery-ui
      rails-assets-trentrichardson--jQuery-Timepicker-Addon (>= 1.6.3)
      rails-i18n
      rails-settings-cached (>= 0.6.5)
      redcarpet (>= 3.3.2)
      redis (>= 3.3.3)
      redis-namespace
      redis-rails
      refile (>= 0.5.5)
      responders (~> 2.0)
      rest-client (>= 1.8)
      reverse_markdown
      rubyzip (>= 1.2.1)
      sass-rails
      sidekiq (~> 4.0)
      simple_form
      sprockets-rails (~> 2.3)
      sugar-rails
      table-formatter
      to_xls
      transaction_retry
      turboboost
      turbolinks (>= 5.0)
      uglifier (>= 2.7.2)
      vcardigan
      wannabe_bool
      web-console
      will_paginate (> 3.0)

GEM
  remote: https://rails-assets.org/
  remote: https://rubygems.org/
  specs:
    actioncable (5.0.4)
      actionpack (= 5.0.4)
      nio4r (>= 1.2, < 3.0)
      websocket-driver (~> 0.6.1)
    actionmailer (5.0.4)
      actionpack (= 5.0.4)
      actionview (= 5.0.4)
      activejob (= 5.0.4)
      mail (~> 2.5, >= 2.5.4)
      rails-dom-testing (~> 2.0)
    actionpack (5.0.4)
      actionview (= 5.0.4)
      activesupport (= 5.0.4)
      rack (~> 2.0)
      rack-test (~> 0.6.3)
      rails-dom-testing (~> 2.0)
      rails-html-sanitizer (~> 1.0, >= 1.0.2)
    actionview (5.0.4)
      activesupport (= 5.0.4)
      builder (~> 3.1)
      erubis (~> 2.7.0)
      rails-dom-testing (~> 2.0)
      rails-html-sanitizer (~> 1.0, >= 1.0.3)
    activejob (5.0.4)
      activesupport (= 5.0.4)
      globalid (>= 0.3.6)
    activemodel (5.0.4)
      activesupport (= 5.0.4)
    activerecord (5.0.4)
      activemodel (= 5.0.4)
      activesupport (= 5.0.4)
      arel (~> 7.0)
    activesupport (5.0.4)
      concurrent-ruby (~> 1.0, >= 1.0.2)
      i18n (~> 0.7)
      minitest (~> 5.1)
      tzinfo (~> 1.1)
    acts-as-taggable-on (4.0.0)
      activerecord (>= 4.0)
    acts_as_tree (2.6.1)
      activerecord (>= 3.0.0)
    addressable (2.5.1)
      public_suffix (~> 2.0, >= 2.0.2)
    ambry (1.0.0)
    apipie-rails (0.5.1)
      rails (>= 4.1)
    arel (7.1.4)
    auto_html (1.6.4)
      redcarpet (~> 3.1)
      rinku (~> 1.5.0)
    autoprefixer-rails (7.1.2.3)
      execjs
    autosize-rails (1.18.17)
      rails (>= 3.1)
    bcrypt (3.1.11)
    best_in_place (3.1.1)
      actionpack (>= 3.2)
      railties (>= 3.2)
    biggs (0.3.3)
      activerecord (>= 3.0)
    bindex (0.5.0)
    binding_of_caller (0.7.2)
      debug_inspector (>= 0.0.1)
    bootstrap-sass (3.3.7)
      autoprefixer-rails (>= 5.2.1)
      sass (>= 3.3.4)
    bootstrap_tokenfield_rails (0.12.1)
    brakeman (3.7.0)
    builder (3.2.3)
    cancancan (1.15.0)
    capybara (2.13.0)
      addressable
      mime-types (>= 1.16)
      nokogiri (>= 1.3.3)
      rack (>= 1.0.0)
      rack-test (>= 0.5.4)
      xpath (~> 2.0)
    carrierwave (0.11.2)
      activemodel (>= 3.2.0)
      activesupport (>= 3.2.0)
      json (>= 1.7)
      mime-types (>= 1.16)
      mimemagic (>= 0.3.0)
    chartkick (2.2.4)
    childprocess (0.7.1)
      ffi (~> 1.0, >= 1.0.11)
    cliver (0.3.2)
    coderay (1.1.1)
    coffee-rails (4.2.2)
      coffee-script (>= 2.2.0)
      railties (>= 4.0.0)
    coffee-script (2.4.1)
      coffee-script-source
      execjs
    coffee-script-source (1.12.2)
    colored (1.2)
    concurrent-ruby (1.0.5)
    connection_pool (2.2.1)
    database_cleaner (1.6.1)
    debug_inspector (0.0.3)
    decent_exposure (3.0.2)
      activesupport (>= 4.0)
    devise (4.3.0)
      bcrypt (~> 3.0)
      orm_adapter (~> 0.1)
      railties (>= 4.1.0, < 5.2)
      responders
      warden (~> 1.2.3)
    devise_masquerade (0.6.0)
      devise (>= 2.1.0)
      railties (>= 3.0)
    diff-lcs (1.3)
    discourse_api (0.17.0)
      faraday (~> 0.9)
      faraday_middleware (~> 0.10)
      rack (>= 1.6)
    domain_name (0.5.20170404)
      unf (>= 0.0.5, < 1.0.0)
    edit_mode (1.0.3)
      jquery-rails
      jquery-turbolinks
      rails (>= 3.2)
    elasticsearch (5.0.4)
      elasticsearch-api (= 5.0.4)
      elasticsearch-transport (= 5.0.4)
    elasticsearch-api (5.0.4)
      multi_json
    elasticsearch-model (5.0.1)
      activesupport (> 3)
      elasticsearch (~> 5)
      hashie
    elasticsearch-transport (5.0.4)
      faraday
      multi_json
    email_spec (2.1.1)
      htmlentities (~> 4.3.3)
      launchy (~> 2.1)
      mail (~> 2.6)
    erubis (2.7.0)
    eventmachine (1.2.3)
    excelinator (1.3.1)
      spreadsheet
    exception_notification (4.2.1)
      actionmailer (>= 4.0, < 6)
      activesupport (>= 4.0, < 6)
    execjs (2.7.0)
    factory_girl (4.8.0)
      activesupport (>= 3.0.0)
    factory_girl_rails (4.8.0)
      factory_girl (~> 4.8.0)
      railties (>= 3.0.0)
    faker (1.8.4)
      i18n (~> 0.5)
    faraday (0.12.2)
      multipart-post (>= 1.2, < 3)
    faraday_middleware (0.11.0.1)
      faraday (>= 0.7.4, < 1.0)
    ffi (1.9.18)
    font-awesome-rails (4.7.0.2)
      railties (>= 3.2, < 5.2)
    foreman (0.84.0)
      thor (~> 0.19.1)
    formtastic (3.1.5)
      actionpack (>= 3.2.13)
    gemoji (3.0.0)
    gender_detector (1.0.0)
    geocoder (1.4.4)
    globalid (0.4.0)
      activesupport (>= 4.2.0)
    gravatar_image_tag (1.2.0)
    groupdate (3.2.0)
      activesupport (>= 3)
    haml (4.0.7)
      tilt
    has_secure_token (1.0.0)
      activerecord (>= 3.0)
    hashie (3.5.6)
    htmlentities (4.3.4)
    http-cookie (1.0.3)
      domain_name (~> 0.5)
    i18n (0.8.6)
    i18n-js (3.0.0)
      i18n (~> 0.6, >= 0.6.6)
    icalendar (2.4.1)
    image_processing (0.4.4)
    jquery-atwho-rails (1.3.2)
    jquery-fileupload-rails (0.4.7)
      actionpack (>= 3.1)
      railties (>= 3.1)
      sass (>= 3.2)
    jquery-rails (4.3.1)
      rails-dom-testing (>= 1, < 3)
      railties (>= 4.2.0)
      thor (>= 0.14, < 2.0)
    jquery-turbolinks (2.1.0)
      railties (>= 3.1.0)
      turbolinks
    json (1.8.6)
    judge (2.1.1)
      rails (>= 3.1)
    jwt (1.5.6)
    kgio (2.11.0)
    launchy (2.4.3)
      addressable (~> 2.3)
    letter_opener (1.4.1)
      launchy (~> 2.2)
    libv8 (3.16.14.19)
    loofah (2.0.3)
      nokogiri (>= 1.5.9)
    mail (2.6.6)
      mime-types (>= 1.16, < 4)
    mail_form (1.7.0)
      actionmailer (>= 3.2, < 5.2)
      activemodel (>= 3.2, < 5.2)
    merit (3.0.0)
      ambry (~> 1.0.0)
    method_source (0.8.2)
    mime-types (2.99.3)
    mimemagic (0.3.2)
    mini_magick (4.8.0)
    mini_portile2 (2.2.0)
    minitest (5.10.3)
    multi_json (1.12.1)
    multi_xml (0.6.0)
    multipart-post (2.0.0)
    mustermann (1.0.0)
    mysql2 (0.4.8)
    netrc (0.11.0)
    nio4r (2.1.0)
    nokogiri (1.8.0)
      mini_portile2 (~> 2.2.0)
    oauth (0.5.3)
    oauth2 (1.4.0)
      faraday (>= 0.8, < 0.13)
      jwt (~> 1.0)
      multi_json (~> 1.3)
      multi_xml (~> 0.5)
      rack (>= 1.2, < 3)
    omniauth (1.6.1)
      hashie (>= 3.4.6, < 3.6.0)
      rack (>= 1.6.2, < 3)
    omniauth-facebook (3.0.0)
      omniauth-oauth2 (~> 1.2)
    omniauth-github (1.3.0)
      omniauth (~> 1.5)
      omniauth-oauth2 (>= 1.4.0, < 2.0)
    omniauth-google-oauth2 (0.5.1)
      jwt (~> 1.5)
      multi_json (~> 1.3)
      omniauth (>= 1.1.1)
      omniauth-oauth2 (>= 1.3.1)
    omniauth-oauth (1.1.0)
      oauth
      omniauth (~> 1.0)
    omniauth-oauth2 (1.4.0)
      oauth2 (~> 1.0)
      omniauth (~> 1.2)
    omniauth-twitter (1.4.0)
      omniauth-oauth (~> 1.1)
      rack
    orm_adapter (0.5.0)
    parallel (1.11.2)
    parallel_tests (2.14.2)
      parallel
    passgen (1.0.2)
    pdf-core (0.6.1)
    phony (2.15.47)
    poltergeist (1.11.0)
      capybara (~> 2.1)
      cliver (~> 0.3.1)
      websocket-driver (>= 0.2.0)
    prawn (2.0.2)
      pdf-core (~> 0.6.0)
      ttfunk (~> 1.4.0)
    pry (0.10.4)
      coderay (~> 1.1.0)
      method_source (~> 0.8.1)
      slop (~> 3.4)
    public_activity (1.4.3)
      actionpack (>= 3.0.0)
      activerecord (>= 3.0)
      i18n (>= 0.5.0)
      railties (>= 3.0.0)
    public_suffix (2.0.5)
    rack (2.0.3)
    rack-mini-profiler (0.10.5)
      rack (>= 1.2.0)
    rack-protection (2.0.0)
      rack
    rack-ssl (1.4.1)
      rack
    rack-test (0.6.3)
      rack (>= 1.0)
    rails (5.0.4)
      actioncable (= 5.0.4)
      actionmailer (= 5.0.4)
      actionpack (= 5.0.4)
      actionview (= 5.0.4)
      activejob (= 5.0.4)
      activemodel (= 5.0.4)
      activerecord (= 5.0.4)
      activesupport (= 5.0.4)
      bundler (>= 1.3.0, < 2.0)
      railties (= 5.0.4)
      sprockets-rails (>= 2.0.0)
    rails-assets-bootstrap (3.3.7)
      rails-assets-jquery (>= 1.9.1, < 4)
    rails-assets-bootstrap-social (5.1.1)
      rails-assets-bootstrap (~> 3)
      rails-assets-font-awesome (~> 4.7)
    rails-assets-ev-emitter (1.1.1)
    rails-assets-font-awesome (4.7.0)
    rails-assets-imagesloaded (4.1.3)
      rails-assets-ev-emitter (>= 1.0.0, < 2)
    rails-assets-inline-attachment (2.0.3)
    rails-assets-jquery (3.2.1)
    rails-assets-jquery-ui (1.12.1)
      rails-assets-jquery (>= 1.6)
    rails-assets-trentrichardson--jQuery-Timepicker-Addon (1.6.3)
    rails-dom-testing (2.0.3)
      activesupport (>= 4.2.0)
      nokogiri (>= 1.6)
    rails-html-sanitizer (1.0.3)
      loofah (~> 2.0)
    rails-i18n (5.0.4)
      i18n (~> 0.7)
      railties (~> 5.0)
    rails-settings-cached (0.6.5)
      rails (>= 4.2.0)
    railties (5.0.4)
      actionpack (= 5.0.4)
      activesupport (= 5.0.4)
      method_source
      rake (>= 0.8.7)
      thor (>= 0.18.1, < 2.0)
    raindrops (0.18.0)
    rake (12.0.0)
    rb-fsevent (0.10.2)
    rb-inotify (0.9.10)
      ffi (>= 0.5.0, < 2)
    rdoc (4.3.0)
    redcarpet (3.4.0)
    redis (3.3.3)
    redis-actionpack (5.0.1)
      actionpack (>= 4.0, < 6)
      redis-rack (>= 1, < 3)
      redis-store (>= 1.1.0, < 1.4.0)
    redis-activesupport (5.0.3)
      activesupport (>= 3, < 6)
      redis-store (~> 1.3.0)
    redis-namespace (1.5.3)
      redis (~> 3.0, >= 3.0.4)
    redis-rack (2.0.2)
      rack (>= 1.5, < 3)
      redis-store (>= 1.2, < 1.4)
    redis-rails (5.0.2)
      redis-actionpack (>= 5.0, < 6)
      redis-activesupport (>= 5.0, < 6)
      redis-store (>= 1.2, < 2)
    redis-store (1.3.0)
      redis (>= 2.2)
    ref (2.0.0)
    responders (2.4.0)
      actionpack (>= 4.2.0, < 5.3)
      railties (>= 4.2.0, < 5.3)
    rest-client (1.8.0)
      http-cookie (>= 1.0.2, < 2.0)
      mime-types (>= 1.16, < 3.0)
      netrc (~> 0.7)
    reverse_markdown (1.0.3)
      nokogiri
    rinku (1.5.1)
    rspec (3.6.0)
      rspec-core (~> 3.6.0)
      rspec-expectations (~> 3.6.0)
      rspec-mocks (~> 3.6.0)
    rspec-collection_matchers (1.1.3)
      rspec-expectations (>= 2.99.0.beta1)
    rspec-core (3.6.0)
      rspec-support (~> 3.6.0)
    rspec-expectations (3.6.0)
      diff-lcs (>= 1.2.0, < 2.0)
      rspec-support (~> 3.6.0)
    rspec-instafail (1.0.0)
      rspec
    rspec-its (1.2.0)
      rspec-core (>= 3.0.0)
      rspec-expectations (>= 3.0.0)
    rspec-mocks (3.6.0)
      diff-lcs (>= 1.2.0, < 2.0)
      rspec-support (~> 3.6.0)
    rspec-rails (3.6.0)
      actionpack (>= 3.0)
      activesupport (>= 3.0)
      railties (>= 3.0)
      rspec-core (~> 3.6.0)
      rspec-expectations (~> 3.6.0)
      rspec-mocks (~> 3.6.0)
      rspec-support (~> 3.6.0)
    rspec-support (3.6.0)
    ruby-ole (1.2.12.1)
    rubyzip (1.2.1)
    sass (3.5.1)
      sass-listen (~> 4.0.0)
    sass-listen (4.0.0)
      rb-fsevent (~> 0.9, >= 0.9.4)
      rb-inotify (~> 0.9, >= 0.9.7)
    sass-rails (5.0.6)
      railties (>= 4.0.0, < 6)
      sass (~> 3.1)
      sprockets (>= 2.8, < 4.0)
      sprockets-rails (>= 2.0, < 4.0)
      tilt (>= 1.1, < 3)
    sdoc (0.4.2)
      json (~> 1.7, >= 1.7.7)
      rdoc (~> 4.0)
    selenium-webdriver (3.4.4)
      childprocess (~> 0.5)
      rubyzip (~> 1.0)
    sidekiq (4.2.10)
      concurrent-ruby (~> 1.0)
      connection_pool (~> 2.2, >= 2.2.0)
      rack-protection (>= 1.5.0)
      redis (~> 3.2, >= 3.2.1)
    simple_form (3.5.0)
      actionpack (> 4, < 5.2)
      activemodel (> 4, < 5.2)
    sinatra (2.0.0)
      mustermann (~> 1.0)
      rack (~> 2.0)
      rack-protection (= 2.0.0)
      tilt (~> 2.0)
    slop (3.6.0)
    spreadsheet (1.1.4)
      ruby-ole (>= 1.0)
    spring (2.0.2)
      activesupport (>= 4.2)
    spring-commands-rspec (1.0.4)
      spring (>= 0.9.1)
    sprockets (3.7.1)
      concurrent-ruby (~> 1.0)
      rack (> 1, < 3)
    sprockets-rails (2.3.3)
      actionpack (>= 3.0)
      activesupport (>= 3.0)
      sprockets (>= 2.8, < 4.0)
    sugar-rails (1.4.1)
      railties (>= 3.0.0)
    table-formatter (0.4.1)
    therubyracer (0.12.3)
      libv8 (~> 3.16.14.15)
      ref
    thor (0.19.4)
    thread_safe (0.3.6)
    tilt (2.0.7)
    timecop (0.9.1)
    to_xls (1.5.3)
      spreadsheet
    transaction_isolation (1.0.3)
      activerecord (>= 3.0.11)
    transaction_retry (1.0.2)
      activerecord (>= 3.0.11)
      transaction_isolation (>= 1.0.2)
    ttfunk (1.4.0)
    turboboost (0.1.1)
      coffee-rails
      jquery-rails
      railties
      turbolinks
    turbolinks (5.0.1)
      turbolinks-source (~> 5)
    turbolinks-source (5.0.3)
    tzinfo (1.2.3)
      thread_safe (~> 0.1)
    uglifier (3.2.0)
      execjs (>= 0.3.0, < 3)
    unf (0.1.4)
      unf_ext
    unf_ext (0.0.7.4)
    unicorn (5.3.0)
      kgio (~> 2.6)
      raindrops (~> 0.7)
    vcardigan (0.0.9)
    wannabe_bool (0.6.0)
    warden (1.2.7)
      rack (>= 1.0)
    web-console (3.5.1)
      actionview (>= 5.0)
      activemodel (>= 5.0)
      bindex (>= 0.4.0)
      railties (>= 5.0)
    websocket-driver (0.6.5)
      websocket-extensions (>= 0.1.0)
    websocket-extensions (0.1.2)
    will_paginate (3.1.6)
    xpath (2.1.0)
      nokogiri (~> 1.3)
    yard (0.9.9)

PLATFORMS
  ruby

DEPENDENCIES
  acts-as-dag!
  binding_of_caller!
  brakeman (>= 2.3.1)!
  capybara (= 2.13.0)!
  coffee-rails (>= 4.0.0)!
  colored!
  database_cleaner!
  email_spec!
  execjs!
  factory_girl_rails!
  json!
  letter_opener!
  mysql2!
  parallel_tests!
  poltergeist (= 1.11.0)!
  pry!
  rails (~> 5.0)!
  redcarpet!
  refile!
  refile-mini_magick!
  rspec-collection_matchers!
  rspec-instafail!
  rspec-its!
  rspec-rails!
  sass-rails!
  sdoc (~> 0.4.0)!
  selenium-webdriver!
  spring!
  spring-commands-rspec!
  therubyracer!
  timecop!
  turbolinks!
  uglifier (>= 1.3.0)!
  unicorn!
  web-console!
  yard!
  your_platform!

RUBY VERSION
   ruby 2.3.1p112

BUNDLED WITH
   1.15.2
